PATH
  remote: .
  specs:
    mescal-cli (0.0.1)
      multi_json (~> 1.11, >= 1.11.0)
      rest-client (~> 1.8, >= 1.8.0)
      yajl-ruby (~> 1.2, >= 1.2.1)

GEM
  remote: https://rubygems.org/
  specs:
    domain_name (0.5.24)
      unf (>= 0.0.5, < 1.0.0)
    http-cookie (1.0.2)
      domain_name (~> 0.5)
    mime-types (2.4.3)
    multi_json (1.11.0)
    netrc (0.10.3)
    rake (10.4.2)
    rest-client (1.8.0)
      http-cookie (>= 1.0.2, < 2.0)
      mime-types (>= 1.16, < 3.0)
      netrc (~> 0.7)
    unf (0.1.4)
      unf_ext
    unf_ext (0.0.7.1)
    yajl-ruby (1.2.1)

PLATFORMS
  ruby

DEPENDENCIES
  bundler (~> 1.7)
  mescal-cli!
  rake (~> 10.0)
